GEM
  remote: https://rubygems.org/
  specs:
    browserstack-screenshot (0.0.2)
      yajl-ruby (= 1.1.0)
    json (1.8.3)
    multi_json (1.11.2)
    rack (1.6.4)
    rack-protection (1.5.3)
      rack
    sinatra (1.4.6)
      rack (~> 1.4)
      rack-protection (~> 1.4)
      tilt (>= 1.3, < 3)
    tilt (2.0.1)
    yajl-ruby (1.1.0)

PLATFORMS
  ruby

DEPENDENCIES
  browserstack-screenshot
  json
  multi_json
  sinatra

BUNDLED WITH
   1.10.5
